PATH
  remote: .
  specs:
    osrcry (0.0.1)
      excon

GEM
  remote: https://rubygems.org/
  specs:
    excon (0.31.0)
    rake (10.1.0)

PLATFORMS
  ruby

DEPENDENCIES
  bundler (~> 1.3)
  osrcry!
  rake
